GEM
  remote: https://rubygems.org/
  specs:
    ast (1.0.2)
    diff-lcs (1.1.3)
    json (1.7.5)
    mixlib-cli (1.2.2)
    parser (2.0.0.beta4)
      ast (~> 1.0)
      slop (~> 3.4)
    rainbow (1.1.4)
    rspec (2.14.1)
      rspec-core (~> 2.14.0)
      rspec-expectations (~> 2.14.0)
      rspec-mocks (~> 2.14.0)
    rspec-core (2.14.4)
    rspec-expectations (2.14.0)
      diff-lcs (>= 1.1.3, < 2.0)
    rspec-mocks (2.14.2)
    rubocop (0.8.2)
      parser (>= 2.0.0.beta1, <= 2.0.0)
      rainbow (>= 1.1.4)
    sensu-plugin (0.1.4)
      json
      mixlib-cli (>= 1.1.0)
    slop (3.4.5)

PLATFORMS
  ruby

DEPENDENCIES
  rspec
  rubocop
  sensu-plugin
