GEM
  remote: https://rubygems.org/
  specs:
    ast (1.0.2)
    json (1.7.5)
    mixlib-cli (1.2.2)
    parser (2.0.0.beta4)
      ast (~> 1.0)
      slop (~> 3.4)
    rainbow (1.1.4)
    rubocop (0.8.2)
      parser (>= 2.0.0.beta1, <= 2.0.0)
      rainbow (>= 1.1.4)
    sensu-plugin (0.1.4)
      json
      mixlib-cli (>= 1.1.0)
    slop (3.4.5)

PLATFORMS
  ruby

DEPENDENCIES
  rubocop
  sensu-plugin
